PATH
  remote: .
  specs:
    parallel_rspec_progress (0.1.1)
      parallel_tests (~> 2.7, >= 2.7.1)
      ruby-progressbar (~> 1.10)

GEM
  remote: https://rubygems.org/
  specs:
    diff-lcs (1.3)
    parallel (1.17.0)
    parallel_tests (2.28.0)
      parallel
    rake (10.5.0)
    rspec (3.8.0)
      rspec-core (~> 3.8.0)
      rspec-expectations (~> 3.8.0)
      rspec-mocks (~> 3.8.0)
    rspec-core (3.8.0)
      rspec-support (~> 3.8.0)
    rspec-expectations (3.8.3)
      diff-lcs (>= 1.2.0, < 2.0)
      rspec-support (~> 3.8.0)
    rspec-mocks (3.8.0)
      diff-lcs (>= 1.2.0, < 2.0)
      rspec-support (~> 3.8.0)
    rspec-support (3.8.0)
    ruby-progressbar (1.10.0)

PLATFORMS
  ruby

DEPENDENCIES
  bundler (~> 2.0)
  parallel_rspec_progress!
  rake (~> 10.0)
  rspec (~> 3.0)

BUNDLED WITH
   2.0.1
